PATH
  remote: .
  specs:
    syntax_tree-translator (0.1.0)
      parser
      rubocop-ast
      ruby_parser
      syntax_tree (>= 2.7.0)

GEM
  remote: https://rubygems.org/
  specs:
    ast (2.4.2)
    docile (1.4.0)
    minitest (5.16.3)
    parser (3.1.2.1)
      ast (~> 2.4.1)
    prettier_print (1.0.2)
    rake (13.0.6)
    rubocop-ast (1.23.0)
      parser (>= 3.1.1.0)
    ruby_parser (3.19.1)
      sexp_processor (~> 4.16)
    sexp_processor (4.16.1)
    simplecov (0.21.2)
      docile (~> 1.1)
      simplecov-html (~> 0.11)
      simplecov_json_formatter (~> 0.1)
    simplecov-html (0.12.3)
    simplecov_json_formatter (0.1.4)
    syntax_tree (4.1.0)
      prettier_print (>= 1.0.2)

PLATFORMS
  x86_64-darwin-21
  x86_64-linux

DEPENDENCIES
  bundler
  minitest
  rake
  simplecov
  syntax_tree-translator!

BUNDLED WITH
   2.3.6
