PATH
  remote: .
  specs:
    parser (3.1.2.0)
      ast (~> 2.4.1)
    syntax_tree-translator (0.1.0)
      parser
      rubocop-ast
      syntax_tree

GEM
  remote: https://rubygems.org/
  specs:
    ast (2.4.2)
    docile (1.4.0)
    minitest (5.15.0)
    rake (13.0.6)
    rubocop-ast (1.17.0)
      parser (>= 3.1.1.0)
    simplecov (0.21.2)
      docile (~> 1.1)
      simplecov-html (~> 0.11)
      simplecov_json_formatter (~> 0.1)
    simplecov-html (0.12.3)
    simplecov_json_formatter (0.1.4)
    syntax_tree (2.2.0)

PLATFORMS
  ruby
  x86_64-darwin-21

DEPENDENCIES
  bundler
  minitest
  rake
  simplecov
  syntax_tree-translator!

BUNDLED WITH
   2.3.6
