PATH
  remote: .
  specs:
    syntax_tree-translator (0.1.0)
      parser
      rubocop-ast
      ruby_parser
      syntax_tree (>= 2.7.0)

GEM
  remote: https://rubygems.org/
  specs:
    ast (2.4.2)
    docile (1.4.0)
    minitest (5.20.0)
    parser (3.2.2.4)
      ast (~> 2.4.1)
      racc
    prettier_print (1.2.1)
    racc (1.7.1)
    rake (13.0.6)
    rubocop-ast (1.29.0)
      parser (>= 3.2.1.0)
    ruby_parser (3.20.3)
      sexp_processor (~> 4.16)
    sexp_processor (4.17.0)
    simplecov (0.22.0)
      docile (~> 1.1)
      simplecov-html (~> 0.11)
      simplecov_json_formatter (~> 0.1)
    simplecov-html (0.12.3)
    simplecov_json_formatter (0.1.4)
    syntax_tree (6.2.0)
      prettier_print (>= 1.2.0)

PLATFORMS
  arm64-darwin-22
  x86_64-darwin-21
  x86_64-linux

DEPENDENCIES
  bundler
  minitest
  rake
  simplecov
  syntax_tree-translator!

BUNDLED WITH
   2.3.6
