GEM
  remote: https://rubygems.org/
  specs:
    ast (2.4.2)
    parser (3.1.2.0)
      ast (~> 2.4.1)
    syntax_tree (2.1.0)

PLATFORMS
  x86_64-darwin-21

DEPENDENCIES
  parser
  syntax_tree

BUNDLED WITH
   2.3.6
